{
  "AcquisitionMatrixPE": 104,
  "AcquisitionNumber": 1,
  "AcquisitionTime": "11:06:39.910000",
  "BandwidthPerPixelPhaseEncode": 17.17,
  "BaseResolution": 104,
  "BodyPartExamined": "BRAIN",
  "CoilCombinationMethod": "Sum of Squares",
  "ConsistencyInfo": "N4_VE11C_LATEST_20160120",
  "ConversionSoftware": "dcm2niix",
  "ConversionSoftwareVersion": "v1.0.20211006",
  "DerivedVendorReportedEchoSpacing": 0.000560011,
  "DeviceSerialNumber": "167006",
  "DwellTime": 2.1e-06,
  "EchoTime": 0.037,
  "EchoTime1": 0.037,
  "EchoTime2": 0.001,
  "EchoTrainLength": 104,
  "EffectiveEchoSpacing": 0.000560011,
  "FlipAngle": 52,
  "HeudiconvVersion": "0.10.0",
  "ImageComments": "Single-band reference",
  "ImageOrientationPatientDICOM": [0.996736, 0.0773384, 0.0231477, -0.062884, 0.92362, -0.378116],
  "ImageOrientationText": "Tra>Cor(-22.1)>Sag(2.9)",
  "ImageType": [
    "ORIGINAL",
    "PRIMARY",
    "P",
    "ND",
    "MOSAIC",
    "PHASE"
],
  "ImagingFrequency": 123.259,
  "InPlanePhaseEncodingDirectionDICOM": "COL",
  "InstitutionAddress": "Chemin Queen-Mary 4565,Montreal,District,CA,H3W 1W5",
  "InstitutionName": "IUGM",
  "InstitutionalDepartmentName": "Department",
  "IntendedFor": [
    "ses-021/func/sub-01_ses-021_task-mario_run-01_part-mag_bold.nii.gz"
],
  "MRAcquisitionType": "2D",
  "MagneticFieldStrength": 3,
  "Manufacturer": "Siemens",
  "ManufacturersModelName": "Prisma_fit",
  "MatrixCoilMode": "SENSE",
  "Modality": "MR",
  "PartialFourier": 1,
  "PatientPosition": "HFS",
  "PercentPhaseFOV": 100,
  "PercentSampling": 100,
  "PhaseEncodingDirection": "j",
  "PhaseEncodingSteps": 104,
  "PhaseResolution": 1,
  "PixelBandwidth": 2290,
  "ProcedureStepDescription": "games^mario",
  "ProtocolName": "func_task-mario_run-01",
  "PulseSequenceDetails": "%CustomerSeq%\\cmrr_mbep2d_bold",
  "ReceiveCoilActiveElements": "HC1-7;NC1,2",
  "ReceiveCoilName": "HeadNeck_64",
  "ReconMatrixPE": 104,
  "RepetitionTime": 1.49,
  "SAR": 0.0381943,
  "ScanOptions": "FS",
  "ScanningSequence": "EP",
  "SequenceName": "epfid2d1_104",
  "SequenceVariant": "SK\\SS",
  "SeriesDescription": "func_task-mario_run-01_SBRef",
  "SeriesNumber": 9,
  "ShimSetting": [622, -7183, -8847, 625, 48, 20, -48, -1],
  "SliceThickness": 2,
  "SliceTiming": [0, 0.0975, 0.195, 0.295, 0.3925, 0.49, 0.5875, 0.685, 0.785, 0.8825, 0.98, 1.0775, 1.175, 1.275, 1.3725, 1.47, 1.5675, 1.665, 1.7625, 1.8625, 1.96, 2.0575, 2.155, 2.2525, 2.3525, 2.45, 2.5475, 2.645, 2.7425, 2.8425, 2.94, 3.0375, 3.135, 3.2325, 3.3325, 3.43, 3.5275, 3.625, 3.7225, 3.8225, 3.92, 4.0175, 4.115, 4.2125, 4.3125, 4.41, 4.5075, 4.605, 4.7025, 4.8025, 4.9, 4.9975, 5.095, 5.1925, 5.2925, 5.39, 5.4875, 5.585, 5.6825, 5.7825],
  "SoftwareVersions": "syngo MR E11",
  "SpacingBetweenSlices": 2,
  "StationName": "MRC35049",
  "TotalReadoutTime": 0.0576811,
  "TxRefAmp": 257.266,
  "WipMemBlock": "f9a78ccf-dbb5-456e-9478-060c8e99da0e||Sequence: R016 ve11c/master r/e634e98; Dec 19 2017 11:00:25 by eja"
}