{
  "AcquisitionMatrixPE": 104,
  "AcquisitionNumber": 1,
  "AcquisitionTime": "13:53:16.482500",
  "BandwidthPerPixelPhaseEncode": 17.17,
  "BaseResolution": 104,
  "BodyPartExamined": "BRAIN",
  "CoilString": "HC1-7;NC1_2",
  "ConsistencyInfo": "N4_VE11C_LATEST_20160120",
  "ConversionSoftware": "dcm2niix",
  "ConversionSoftwareVersion": "v1.0.20190902",
  "DerivedVendorReportedEchoSpacing": 0.000560011,
  "DeviceSerialNumber": "167006",
  "DwellTime": 2.1e-06,
  "EchoTime": 0.037,
  "EchoTrainLength": 104,
  "EffectiveEchoSpacing": 0.000560011,
  "FlipAngle": 52,
  "HeudiconvVersion": "0.10.0",
  "ImageComments": "Unaliased_MB4_PE3_LB",
  "ImageOrientationPatientDICOM": [0.999436, 0.0159996, 0.0295139, 0.00139551, 0.858571, -0.512693],
  "ImageType": [
    "ORIGINAL",
    "PRIMARY",
    "M",
    "MB",
    "ND",
    "MOSAIC"
],
  "ImagingFrequency": 123.259,
  "InPlanePhaseEncodingDirectionDICOM": "COL",
  "InstitutionAddress": "Chemin_Queen-Mary_4565_Montreal_District_CA_H3W_1W5",
  "InstitutionName": "IUGM",
  "InstitutionalDepartmentName": "Department",
  "MRAcquisitionType": "2D",
  "MagneticFieldStrength": 3,
  "Manufacturer": "Siemens",
  "ManufacturersModelName": "Prisma_fit",
  "Modality": "MR",
  "MultibandAccelerationFactor": 4,
  "PartialFourier": 1,
  "PatientPosition": "HFS",
  "PercentPhaseFOV": 100,
  "PhaseEncodingDirection": "j",
  "PhaseEncodingSteps": 104,
  "PhaseResolution": 1,
  "PixelBandwidth": 2290,
  "ProcedureStepDescription": "games_mario",
  "ProtocolName": "func_task-mario_run-01",
  "PulseSequenceDetails": "%CustomerSeq%_cmrr_mbep2d_bold",
  "ReceiveCoilActiveElements": "HC1-7;NC1,2",
  "ReceiveCoilName": "HeadNeck_64",
  "ReconMatrixPE": 104,
  "RepetitionTime": 1.49,
  "SAR": 0.0451311,
  "ScanOptions": "FS",
  "ScanningSequence": "EP",
  "SequenceName": "epfid2d1_104",
  "SequenceVariant": "SK_SS",
  "SeriesDescription": "func_task-mario_run-01",
  "SeriesNumber": 10,
  "ShimSetting": [619, -7190, -8858, 268, 13, -152, -15, -27],
  "SliceThickness": 2,
  "SliceTiming": [0, 0.785, 0.0975, 0.8825, 0.195, 0.98, 0.295, 1.0775, 0.3925, 1.175, 0.49, 1.275, 0.5875, 1.3725, 0.685, 0, 0.785, 0.0975, 0.8825, 0.195, 0.98, 0.295, 1.0775, 0.3925, 1.175, 0.49, 1.275, 0.5875, 1.3725, 0.685, 0, 0.785, 0.0975, 0.8825, 0.195, 0.98, 0.295, 1.0775, 0.3925, 1.175, 0.49, 1.275, 0.5875, 1.3725, 0.685, 0, 0.785, 0.0975, 0.8825, 0.195, 0.98, 0.295, 1.0775, 0.3925, 1.175, 0.49, 1.275, 0.5875, 1.3725, 0.685],
  "SoftwareVersions": "syngo_MR_E11",
  "SpacingBetweenSlices": 2,
  "StationName": "MRC35049",
  "TaskName": "mario",
  "TotalReadoutTime": 0.0576811,
  "TxRefAmp": 260.477,
  "WipMemBlock": "9fbec1e2-6ca2-408e-9841-6b4188653630||Sequence: R016 ve11c/master r/e634e98; Dec 19 2017 11:00:25 by eja",
  "dcmmeta_affine": [
    [-1.9988726377487183, 0.002791011007502675, 0.06708529591560364, 104.97388458251953],
    [-0.03199929744005203, 1.7171416282653809, -1.0248905420303345, -49.55873489379883],
    [0.05902771279215813, 1.025386095046997, 1.7161290645599365, -87.00694274902344],
    [0.0, 0.0, 0.0, 1.0]
],
  "dcmmeta_reorient_transform": [
    [0.0, -1.0, 0.0, 103.0],
    [1.0, 0.0, 0.0, 0.0],
    [0.0, 0.0, 1.0, 0.0],
    [0.0, 0.0, 0.0, 1.0]
],
  "dcmmeta_shape": [104, 104, 60, 44],
  "dcmmeta_slice_dim": 2,
  "dcmmeta_version": 0.6,
  "global": {
    "const": {
      "AcquisitionMatrix": [104, 0, 0, 104],
      "AngioFlag": "N",
      "BitsAllocated": 16,
      "BitsStored": 16,
      "BodyPartExamined": "BRAIN",
      "Columns": 832,
      "EchoNumbers": 1,
      "EchoTime": 37.0,
      "EchoTrainLength": 104,
      "FlipAngle": 52.0,
      "HighBit": 15,
      "ImageOrientationPatient": [0.99943631287899, 0.01599964794588, 0.02951385715982, 0.00139550556098, 0.85857083061167, -0.5126930674263],
      "ImagePositionPatient": [-833.8669231675, -763.9941663276, 370.36229402755],
      "ImageType": [
        "ORIGINAL",
        "PRIMARY",
        "M",
        "MB",
        "ND",
        "MOSAIC"
],
      "ImagedNucleus": "1H",
      "ImagingFrequency": 123.258925,
      "InPlanePhaseEncodingDirection": "COL",
      "MRAcquisitionType": "2D",
      "MagneticFieldStrength": 3.0,
      "Manufacturer": "SIEMENS",
      "ManufacturerModelName": "Prisma_fit",
      "Modality": "MR",
      "NumberOfAverages": 1.0,
      "NumberOfPhaseEncodingSteps": 104,
      "PercentPhaseFieldOfView": 100.0,
      "PercentSampling": 100.0,
      "PerformedProcedureStepStartTime": "135015.778000",
      "PhotometricInterpretation": "MONOCHROME2",
      "PixelBandwidth": 2290.0,
      "PixelRepresentation": 0,
      "PixelSpacing": [2.0, 2.0],
      "ProtocolName": "func_task-mario_run-01",
      "RepetitionTime": 1490.0,
      "Rows": 832,
      "SAR": 0.04513105168587,
      "SamplesPerPixel": 1,
      "ScanOptions": "FS",
      "ScanningSequence": "EP",
      "SequenceName": "epfid2d1_104",
      "SequenceVariant": [
        "SK",
        "SS"
],
      "SeriesDescription": "func_task-mario_run-01",
      "SeriesNumber": 10,
      "SeriesTime": "135419.492000",
      "SliceLocation": -45.740332764701,
      "SliceThickness": 2.0,
      "SmallestImagePixelValue": 0,
      "SoftwareVersions": "syngo MR E11",
      "SpacingBetweenSlices": 2.0000000403079,
      "SpecificCharacterSet": "ISO_IR 100",
      "StudyID": "1",
      "StudyTime": "135015.712000",
      "TransmitCoilName": "Body",
      "VariableFlipAngleFlag": "N",
      "WindowCenterWidthExplanation": "Algo1",
      "dBdt": 0.0},
    "slices": {}
  },
  "time": {
    "samples": {
      "AcquisitionNumber": [1, 2, 3, 4, 5, 6, 7, 8, 9, 10, 11, 12, 13, 14, 15, 16, 17, 18, 19, 20, 21, 22, 23, 24, 25, 26, 27, 28, 29, 30, 31, 32, 33, 34, 35, 36, 37, 38, 39, 40, 41, 42, 43, 44],
      "AcquisitionTime": ["135316.482500", "135317.972500", "135319.462500", "135320.952500", "135322.442500", "135323.932500", "135325.422500", "135326.912500", "135328.402500", "135329.892500", "135331.382500", "135332.872500", "135334.362500", "135335.852500", "135337.342500", "135338.832500", "135340.322500", "135341.812500", "135343.302500", "135344.792500", "135346.282500", "135347.772500", "135349.262500", "135350.752500", "135352.242500", "135353.732500", "135355.222500", "135356.712500", "135358.202500", "135359.692500", "135401.182500", "135402.672500", "135404.162500", "135405.652500", "135407.142500", "135408.632500", "135410.122500", "135411.612500", "135413.102500", "135414.592500", "135416.082500", "135417.572500", "135419.062500", "135420.552500"],
      "ContentTime": ["135419.495000", "135419.499000", "135419.508000", "135419.511000", "135419.514000", "135419.518000", "135419.521000", "135419.530000", "135419.534000", "135419.537000", "135439.450000", "135439.457000", "135439.460000", "135439.463000", "135439.467000", "135439.470000", "135439.473000", "135439.476000", "135439.480000", "135439.498000", "135439.501000", "135439.504000", "135439.509000", "135439.513000", "135439.516000", "135439.519000", "135439.522000", "135439.526000", "135439.529000", "135439.532000", "135453.682000", "135453.686000", "135453.689000", "135453.692000", "135453.696000", "135453.699000", "135453.702000", "135453.705000", "135453.709000", "135453.712000", "135453.715000", "135453.718000", "135453.725000", "135453.728000"],
      "InstanceCreationTime": ["135419.495000", "135419.499000", "135419.508000", "135419.511000", "135419.514000", "135419.518000", "135419.521000", "135419.530000", "135419.534000", "135419.537000", "135439.450000", "135439.457000", "135439.460000", "135439.463000", "135439.467000", "135439.470000", "135439.473000", "135439.476000", "135439.480000", "135439.498000", "135439.501000", "135439.504000", "135439.509000", "135439.513000", "135439.516000", "135439.519000", "135439.522000", "135439.526000", "135439.529000", "135439.532000", "135453.682000", "135453.686000", "135453.689000", "135453.692000", "135453.696000", "135453.699000", "135453.702000", "135453.705000", "135453.709000", "135453.712000", "135453.715000", "135453.718000", "135453.725000", "135453.728000"],
      "InstanceNumber": [1, 2, 3, 4, 5, 6, 7, 8, 9, 10, 11, 12, 13, 14, 15, 16, 17, 18, 19, 20, 21, 22, 23, 24, 25, 26, 27, 28, 29, 30, 31, 32, 33, 34, 35, 36, 37, 38, 39, 40, 41, 42, 43, 44],
      "LargestImagePixelValue": [48293, 47381, 46920, 46492, 46463, 46147, 45389, 45677, 46339, 46208, 46026, 45830, 46150, 45717, 45556, 45711, 45670, 45954, 46534, 46168, 46323, 45886, 46333, 45505, 46684, 46226, 45938, 46215, 45703, 46210, 45734, 45081, 45317, 45962, 45217, 45665, 46020, 45454, 47062, 46048, 46685, 46722, 45579, 46688],
      "WindowCenter": [11153.0, 11102.0, 11095.0, 11096.0, 11094.0, 11081.0, 11081.0, 11079.0, 11076.0, 11068.0, 11059.0, 11055.0, 11065.0, 11062.0, 11065.0, 11070.0, 11072.0, 11076.0, 11073.0, 11068.0, 11076.0, 11071.0, 11068.0, 11072.0, 11089.0, 11078.0, 11068.0, 11044.0, 11036.0, 11032.0, 11030.0, 11038.0, 11074.0, 11077.0, 11079.0, 11053.0, 11043.0, 11028.0, 11029.0, 10997.0, 11002.0, 11011.0, 11019.0, 11039.0],
      "WindowWidth": [24072.0, 23917.0, 23878.0, 23869.0, 23859.0, 23825.0, 23825.0, 23820.0, 23813.0, 23794.0, 23769.0, 23762.0, 23782.0, 23780.0, 23786.0, 23798.0, 23801.0, 23811.0, 23800.0, 23793.0, 23811.0, 23805.0, 23792.0, 23804.0, 23834.0, 23813.0, 23785.0, 23733.0, 23713.0, 23703.0, 23700.0, 23721.0, 23806.0, 23811.0, 23821.0, 23754.0, 23732.0, 23698.0, 23693.0, 23627.0, 23630.0, 23654.0, 23674.0, 23716.0]
    },
    "slices": {}
  }
}