{
  "AcquisitionMatrixPE": 104,
  "AcquisitionNumber": 1,
  "AcquisitionTime": "16:43:32.820000",
  "BandwidthPerPixelPhaseEncode": 17.17,
  "BaseResolution": 104,
  "BodyPartExamined": "BRAIN",
  "CoilCombinationMethod": "Sum of Squares",
  "ConsistencyInfo": "N4_VE11C_LATEST_20160120",
  "ConversionSoftware": "dcm2niix",
  "ConversionSoftwareVersion": "v1.0.20211006",
  "DerivedVendorReportedEchoSpacing": 0.000560011,
  "DeviceSerialNumber": "167006",
  "DwellTime": 2.1e-06,
  "EchoTime": 0.037,
  "EchoTime1": 0.037,
  "EchoTime2": 0.001,
  "EchoTrainLength": 104,
  "EffectiveEchoSpacing": 0.000560011,
  "FlipAngle": 52,
  "HeudiconvVersion": "0.11.3.post9+gc939bf8",
  "ImageComments": "Single-band reference",
  "ImageOrientationPatientDICOM": [
    0.999788,
    -0.0194161,
    0.00690668,
    0.0205934,
    0.928702,
    -0.370254
  ],
  "ImageOrientationText": "Tra>Cor(-21.7)>Sag(-0.0)",
  "ImageType": [
    "ORIGINAL",
    "PRIMARY",
    "P",
    "ND",
    "MOSAIC",
    "PHASE"
],
  "ImagingFrequency": 123.259,
  "InPlanePhaseEncodingDirectionDICOM": "COL",
  "InstitutionAddress": "Chemin Queen-Mary 4565,Montreal,District,CA,H3W 1W5",
  "InstitutionName": "IUGM",
  "InstitutionalDepartmentName": "Department",
  "IntendedFor": [
    "ses-012/func/sub-01_ses-012_task-mario_run-02_part-mag_bold.nii.gz"
],
  "MRAcquisitionType": "2D",
  "MagneticFieldStrength": 3,
  "Manufacturer": "Siemens",
  "ManufacturersModelName": "Prisma_fit",
  "MatrixCoilMode": "SENSE",
  "Modality": "MR",
  "PartialFourier": 1,
  "PatientPosition": "HFS",
  "PercentPhaseFOV": 100,
  "PercentSampling": 100,
  "PhaseEncodingDirection": "j",
  "PhaseEncodingSteps": 104,
  "PhaseResolution": 1,
  "PixelBandwidth": 2290,
  "ProcedureStepDescription": "games^mario",
  "ProtocolName": "func_task-mario_run-02",
  "PulseSequenceDetails": "%CustomerSeq%\\cmrr_mbep2d_bold",
  "ReceiveCoilActiveElements": "HC1-7;NC1,2",
  "ReceiveCoilName": "HeadNeck_64",
  "ReconMatrixPE": 104,
  "RepetitionTime": 1.49,
  "SAR": 0.0786194,
  "ScanOptions": "FS",
  "ScanningSequence": "EP",
  "SequenceName": "epfid2d1_104",
  "SequenceVariant": "SK\\SS",
  "SeriesDescription": "func_task-mario_run-02_SBRef",
  "SeriesNumber": 12,
  "ShimSetting": [
    615,
    -7246,
    -8842,
    398,
    54,
    -350,
    -9,
    34
  ],
  "SliceThickness": 2,
  "SliceTiming": [
    0,
    0.0975,
    0.195,
    0.2925,
    0.3925,
    0.49,
    0.5875,
    0.685,
    0.7825,
    0.88,
    0.98,
    1.0775,
    1.175,
    1.2725,
    1.37,
    1.47,
    1.5675,
    1.665,
    1.7625,
    1.86,
    1.96,
    2.0575,
    2.155,
    2.2525,
    2.35,
    2.45,
    2.5475,
    2.645,
    2.7425,
    2.84,
    2.94,
    3.0375,
    3.135,
    3.2325,
    3.33,
    3.43,
    3.5275,
    3.625,
    3.7225,
    3.82,
    3.92,
    4.0175,
    4.115,
    4.2125,
    4.31,
    4.41,
    4.5075,
    4.605,
    4.7025,
    4.8,
    4.9,
    4.9975,
    5.095,
    5.1925,
    5.29,
    5.39,
    5.4875,
    5.585,
    5.6825,
    5.78
  ],
  "SoftwareVersions": "syngo MR E11",
  "SpacingBetweenSlices": 2,
  "StationName": "MRC35049",
  "TaskName": "mario",
  "TotalReadoutTime": 0.0576811,
  "TxRefAmp": 316.401,
  "WipMemBlock": "91ef5746-d1bd-4bcb-b090-7762d33840d5||Sequence: R017 ve11c/master r/75a17815+; Jun 28 2022 16:32:11 by eja"
}