{
  "AcquisitionMatrixPE": 104,
  "AcquisitionNumber": 1,
  "AcquisitionTime": "15:15:41.440000",
  "BandwidthPerPixelPhaseEncode": 17.17,
  "BaseResolution": 104,
  "BodyPartExamined": "BRAIN",
  "CoilCombinationMethod": "Sum of Squares",
  "ConsistencyInfo": "N4_VE11C_LATEST_20160120",
  "ConversionSoftware": "dcm2niix",
  "ConversionSoftwareVersion": "v1.0.20211006",
  "DerivedVendorReportedEchoSpacing": 0.000560011,
  "DeviceSerialNumber": "167006",
  "DwellTime": 2.1e-06,
  "EchoTime": 0.037,
  "EchoTrainLength": 104,
  "EffectiveEchoSpacing": 0.000560011,
  "FlipAngle": 52,
  "HeudiconvVersion": "0.10.0",
  "ImageComments": "Unaliased MB4/PE3/LB",
  "ImageOrientationPatientDICOM": [0.9992, -0.0393844, 0.00694871, 0.039608, 0.950491, -0.308218],
  "ImageOrientationText": "Tra>Cor(-18.0)>Sag(-0.3)",
  "ImageType": [
    "ORIGINAL",
    "PRIMARY",
    "M",
    "MB",
    "ND",
    "MOSAIC"
],
  "ImagingFrequency": 123.259,
  "InPlanePhaseEncodingDirectionDICOM": "COL",
  "InstitutionAddress": "Chemin Queen-Mary 4565,Montreal,District,CA,H3W 1W5",
  "InstitutionName": "IUGM",
  "InstitutionalDepartmentName": "Department",
  "MRAcquisitionType": "2D",
  "MagneticFieldStrength": 3,
  "Manufacturer": "Siemens",
  "ManufacturersModelName": "Prisma_fit",
  "MatrixCoilMode": "SENSE",
  "Modality": "MR",
  "MultibandAccelerationFactor": 4,
  "PartialFourier": 1,
  "PatientPosition": "HFS",
  "PercentPhaseFOV": 100,
  "PercentSampling": 100,
  "PhaseEncodingDirection": "j",
  "PhaseEncodingSteps": 104,
  "PhaseResolution": 1,
  "PixelBandwidth": 2290,
  "ProcedureStepDescription": "games^mario",
  "ProtocolName": "func_task-mario_run-01",
  "PulseSequenceDetails": "%CustomerSeq%\\cmrr_mbep2d_bold",
  "ReceiveCoilActiveElements": "HC1-7;NC1,2",
  "ReceiveCoilName": "HeadNeck_64",
  "ReconMatrixPE": 104,
  "RepetitionTime": 1.49,
  "SAR": 0.0459109,
  "ScanOptions": "FS",
  "ScanningSequence": "EP",
  "SequenceName": "epfid2d1_104",
  "SequenceVariant": "SK\\SS",
  "SeriesDescription": "func_task-mario_run-01",
  "SeriesNumber": 10,
  "ShimSetting": [628, -7246, -8842, 577, 0, -203, -31, -40],
  "SliceThickness": 2,
  "SliceTiming": [0, 0.785, 0.0975, 0.8825, 0.195, 0.98, 0.295, 1.0775, 0.3925, 1.175, 0.49, 1.275, 0.5875, 1.3725, 0.685, 0, 0.785, 0.0975, 0.8825, 0.195, 0.98, 0.295, 1.0775, 0.3925, 1.175, 0.49, 1.275, 0.5875, 1.3725, 0.685, 0, 0.785, 0.0975, 0.8825, 0.195, 0.98, 0.295, 1.0775, 0.3925, 1.175, 0.49, 1.275, 0.5875, 1.3725, 0.685, 0, 0.785, 0.0975, 0.8825, 0.195, 0.98, 0.295, 1.0775, 0.3925, 1.175, 0.49, 1.275, 0.5875, 1.3725, 0.685],
  "SoftwareVersions": "syngo MR E11",
  "SpacingBetweenSlices": 2,
  "StationName": "MRC35049",
  "TaskName": "mario",
  "TotalReadoutTime": 0.0576811,
  "TxRefAmp": 247.594,
  "WipMemBlock": "c20b9ae0-6922-427a-baf6-6de927c5fca0||Sequence: R016 ve11c/master r/e634e98; Dec 19 2017 11:00:25 by eja",
  "dcmmeta_affine": [
    [-1.9983999729156494, 0.07921591401100159, -0.011068623512983322, 102.95038604736328],
    [0.07876888662576675, 1.9009816646575928, -0.6164933443069458, -71.10798645019531],
    [0.01389741525053978, 0.6164360642433167, 1.902580738067627, -70.60603332519531],
    [0.0, 0.0, 0.0, 1.0]
],
  "dcmmeta_reorient_transform": [
    [0.0, -1.0, 0.0, 103.0],
    [1.0, 0.0, 0.0, 0.0],
    [0.0, 0.0, 1.0, 0.0],
    [0.0, 0.0, 0.0, 1.0]
],
  "dcmmeta_shape": [104, 104, 60, 26],
  "dcmmeta_slice_dim": 2,
  "dcmmeta_version": 0.6,
  "global": {
    "const": {
      "AcquisitionMatrix": [104, 0, 0, 104],
      "AngioFlag": "N",
      "BitsAllocated": 16,
      "BitsStored": 16,
      "BodyPartExamined": "BRAIN",
      "Columns": 832,
      "EchoNumbers": 1,
      "EchoTime": 37.0,
      "EchoTrainLength": 104,
      "FlipAngle": 52.0,
      "HighBit": 15,
      "ImageOrientationPatient": [0.99919997058107, -0.0393844417494, 0.00694870771287, 0.03960795605766, 0.95049085064748, -0.3082180277861],
      "ImagePositionPatient": [-867.36179430196, -787.9785929637, 212.21094490641],
      "ImageType": [
        "ORIGINAL",
        "PRIMARY",
        "M",
        "MB",
        "ND",
        "MOSAIC"
],
      "ImagedNucleus": "1H",
      "ImagingFrequency": 123.258831,
      "InPlanePhaseEncodingDirection": "COL",
      "MRAcquisitionType": "2D",
      "MagneticFieldStrength": 3.0,
      "Manufacturer": "SIEMENS",
      "ManufacturerModelName": "Prisma_fit",
      "Modality": "MR",
      "NumberOfAverages": 1.0,
      "NumberOfPhaseEncodingSteps": 104,
      "PercentPhaseFieldOfView": 100.0,
      "PercentSampling": 100.0,
      "PerformedProcedureStepStartTime": "143540.260000",
      "PhotometricInterpretation": "MONOCHROME2",
      "PixelBandwidth": 2290.0,
      "PixelRepresentation": 0,
      "PixelSpacing": [2.0, 2.0],
      "ProtocolName": "func_task-mario_run-01",
      "RepetitionTime": 1490.0,
      "Rows": 832,
      "SAR": 0.04591088349163,
      "SamplesPerPixel": 1,
      "ScanOptions": "FS",
      "ScanningSequence": "EP",
      "SequenceName": "epfid2d1_104",
      "SequenceVariant": [
        "SK",
        "SS"
],
      "SeriesDescription": "func_task-mario_run-01",
      "SeriesNumber": 10,
      "SeriesTime": "151654.346000",
      "SliceLocation": -45.817799005644,
      "SliceThickness": 2.0,
      "SmallestImagePixelValue": 0,
      "SoftwareVersions": "syngo MR E11",
      "SpacingBetweenSlices": 2.0000000423315,
      "SpecificCharacterSet": "ISO_IR 100",
      "StudyID": "1",
      "StudyTime": "143540.181000",
      "TransmitCoilName": "Body",
      "VariableFlipAngleFlag": "N",
      "WindowCenterWidthExplanation": "Algo1",
      "dBdt": 0.0},
    "slices": {}
  },
  "time": {
    "samples": {
      "AcquisitionNumber": [1, 2, 3, 4, 5, 6, 7, 8, 9, 10, 11, 12, 13, 14, 15, 16, 17, 18, 19, 20, 21, 22, 23, 24, 25, 26],
      "AcquisitionTime": ["151541.440000", "151542.930000", "151544.420000", "151545.910000", "151547.400000", "151548.890000", "151550.380000", "151551.870000", "151553.360000", "151554.850000", "151556.340000", "151557.830000", "151559.320000", "151600.810000", "151602.300000", "151603.790000", "151605.280000", "151606.770000", "151608.260000", "151609.750000", "151611.240000", "151612.730000", "151614.220000", "151615.710000", "151617.200000", "151618.690000"],
      "ContentTime": ["151654.349000", "151654.353000", "151654.356000", "151654.360000", "151654.363000", "151654.366000", "151654.370000", "151654.373000", "151654.377000", "151654.380000", "151654.383000", "151654.387000", "151654.390000", "151654.394000", "151654.397000", "151654.406000", "151654.409000", "151654.412000", "151654.416000", "151654.419000", "151700.243000", "151700.247000", "151700.250000", "151700.254000", "151700.257000", "151700.260000"],
      "InstanceCreationTime": ["151654.349000", "151654.353000", "151654.356000", "151654.360000", "151654.363000", "151654.366000", "151654.370000", "151654.373000", "151654.377000", "151654.380000", "151654.383000", "151654.387000", "151654.390000", "151654.394000", "151654.397000", "151654.406000", "151654.409000", "151654.412000", "151654.416000", "151654.419000", "151700.243000", "151700.247000", "151700.250000", "151700.254000", "151700.257000", "151700.260000"],
      "InstanceNumber": [1, 2, 3, 4, 5, 6, 7, 8, 9, 10, 11, 12, 13, 14, 15, 16, 17, 18, 19, 20, 21, 22, 23, 24, 25, 26],
      "LargestImagePixelValue": [45813, 44508, 43279, 43244, 42504, 42475, 42147, 42502, 42239, 42349, 42289, 41743, 42147, 42210, 42241, 42691, 42313, 42033, 41909, 42456, 42257, 41313, 41599, 41977, 41922, 41791],
      "WindowCenter": [10555.0, 10491.0, 10447.0, 10458.0, 10448.0, 10462.0, 10450.0, 10453.0, 10451.0, 10448.0, 10446.0, 10434.0, 10444.0, 10429.0, 10422.0, 10418.0, 10410.0, 10405.0, 10395.0, 10414.0, 10424.0, 10406.0, 10385.0, 10371.0, 10373.0, 10373.0],
      "WindowWidth": [22868.0, 22679.0, 22552.0, 22563.0, 22530.0, 22558.0, 22533.0, 22533.0, 22527.0, 22523.0, 22516.0, 22486.0, 22505.0, 22474.0, 22458.0, 22446.0, 22429.0, 22420.0, 22396.0, 22435.0, 22467.0, 22429.0, 22372.0, 22340.0, 22340.0, 22337.0]
    },
    "slices": {}
  }
}