{
  "AcquisitionMatrixPE": 104,
  "AcquisitionNumber": 1,
  "AcquisitionTime": "13:16:14.320000",
  "BandwidthPerPixelPhaseEncode": 17.17,
  "BaseResolution": 104,
  "BodyPartExamined": "BRAIN",
  "CoilCombinationMethod": "Sum of Squares",
  "ConsistencyInfo": "N4_VE11C_LATEST_20160120",
  "ConversionSoftware": "dcm2niix",
  "ConversionSoftwareVersion": "v1.0.20211006",
  "DerivedVendorReportedEchoSpacing": 0.000560011,
  "DeviceSerialNumber": "167006",
  "DwellTime": 2.1e-06,
  "EchoTime": 0.037,
  "EchoTime1": 0.037,
  "EchoTime2": 0.001,
  "EchoTrainLength": 104,
  "EffectiveEchoSpacing": 0.000560011,
  "FlipAngle": 52,
  "HeudiconvVersion": "0.10.0",
  "ImageComments": "Single-band reference",
  "ImageOrientationPatientDICOM": [
    0.999707,
    0.00762089,
    0.0229538,
    0.00436202,
    0.876684,
    -0.481047
  ],
  "ImageOrientationText": "Tra>Cor(-28.8)>Sag(1.4)",
  "ImageType": [
    "ORIGINAL",
    "PRIMARY",
    "P",
    "ND",
    "MOSAIC",
    "PHASE"
  ],
  "ImagingFrequency": 123.259,
  "InPlanePhaseEncodingDirectionDICOM": "COL",
  "InstitutionAddress": "Chemin Queen-Mary 4565,Montreal,District,CA,H3W 1W5",
  "InstitutionName": "IUGM",
  "InstitutionalDepartmentName": "Department",
  "MRAcquisitionType": "2D",
  "MagneticFieldStrength": 3,
  "Manufacturer": "Siemens",
  "ManufacturersModelName": "Prisma_fit",
  "MatrixCoilMode": "SENSE",
  "Modality": "MR",
  "PartialFourier": 1,
  "PatientPosition": "HFS",
  "PercentPhaseFOV": 100,
  "PercentSampling": 100,
  "PhaseEncodingDirection": "j-",
  "PhaseEncodingSteps": 104,
  "PhaseResolution": 1,
  "PixelBandwidth": 2290,
  "ProcedureStepDescription": "games^mario",
  "ProtocolName": "func_AP_run-1",
  "PulseSequenceDetails": "%CustomerSeq%\\cmrr_mbep2d_bold",
  "ReceiveCoilActiveElements": "HC1-7;NC1,2",
  "ReceiveCoilName": "HeadNeck_64",
  "ReconMatrixPE": 104,
  "RepetitionTime": 1.49,
  "SAR": 0.049424,
  "ScanOptions": "FS",
  "ScanningSequence": "EP",
  "SequenceName": "epfid2d1_104",
  "SequenceVariant": "SK\\SS",
  "SeriesDescription": "func_AP_run-1_SBRef",
  "SeriesNumber": 6,
  "ShimSetting": [
    616,
    -7184,
    -8859,
    314,
    3,
    -156,
    -49,
    -8
  ],
  "SliceThickness": 2,
  "SliceTiming": [
    0,
    0.1,
    0.1975,
    0.295,
    0.3925,
    0.49,
    0.59,
    0.6875,
    0.785,
    0.8825,
    0.98,
    1.08,
    1.1775,
    1.275,
    1.3725,
    1.47,
    1.57,
    1.6675,
    1.765,
    1.8625,
    1.96,
    2.06,
    2.1575,
    2.255,
    2.3525,
    2.45,
    2.55,
    2.6475,
    2.745,
    2.8425,
    2.94,
    3.04,
    3.1375,
    3.235,
    3.3325,
    3.43,
    3.5275,
    3.6275,
    3.725,
    3.8225,
    3.92,
    4.0175,
    4.1175,
    4.215,
    4.3125,
    4.41,
    4.5075,
    4.6075,
    4.705,
    4.8025,
    4.9,
    4.9975,
    5.0975,
    5.195,
    5.2925,
    5.39,
    5.4875,
    5.5875,
    5.685,
    5.7825
  ],
  "SoftwareVersions": "syngo MR E11",
  "SpacingBetweenSlices": 2,
  "StationName": "MRC35049",
  "TotalReadoutTime": 0.0576811,
  "TxRefAmp": 292.35,
  "WipMemBlock": "923fe424-647c-486e-88fa-8a438b38b770||Sequence: R016 ve11c/master r/e634e98; Dec 19 2017 11:00:25 by eja"
}