{
  "AcquisitionMatrixPE": 104,
  "AcquisitionNumber": 1,
  "AcquisitionTime": "15:34:55.537500",
  "BandwidthPerPixelPhaseEncode": 17.17,
  "BaseResolution": 104,
  "BodyPartExamined": "BRAIN",
  "CoilCombinationMethod": "Sum of Squares",
  "ConsistencyInfo": "N4_VE11C_LATEST_20160120",
  "ConversionSoftware": "dcm2niix",
  "ConversionSoftwareVersion": "v1.0.20211006",
  "DerivedVendorReportedEchoSpacing": 0.000560011,
  "DeviceSerialNumber": "167006",
  "DwellTime": 2.1e-06,
  "EchoTime": 0.037,
  "EchoTime1": 0.037,
  "EchoTime2": 0.001,
  "EchoTrainLength": 104,
  "EffectiveEchoSpacing": 0.000560011,
  "FlipAngle": 52,
  "HeudiconvVersion": "0.5.3.post569+g418601f",
  "ImageComments": "Single-band reference",
  "ImageOrientationPatientDICOM": [
    0.999081,
    -0.0414854,
    -0.010774,
    0.0362855,
    0.952433,
    -0.302579
  ],
  "ImageOrientationText": "Tra>Cor(-17.6)>Sag(-1.3)",
  "ImageType": [
    "ORIGINAL",
    "PRIMARY",
    "P",
    "ND",
    "MOSAIC",
    "PHASE"
  ],
  "ImagingFrequency": 123.259,
  "InPlanePhaseEncodingDirectionDICOM": "COL",
  "InstitutionAddress": "Chemin Queen-Mary 4565,Montreal,District,CA,H3W 1W5",
  "InstitutionName": "IUGM",
  "InstitutionalDepartmentName": "Department",
  "MRAcquisitionType": "2D",
  "MagneticFieldStrength": 3,
  "Manufacturer": "Siemens",
  "ManufacturersModelName": "Prisma_fit",
  "MatrixCoilMode": "SENSE",
  "Modality": "MR",
  "PartialFourier": 1,
  "PatientPosition": "HFS",
  "PercentPhaseFOV": 100,
  "PercentSampling": 100,
  "PhaseEncodingDirection": "j",
  "PhaseEncodingSteps": 104,
  "PhaseResolution": 1,
  "PixelBandwidth": 2290,
  "ProcedureStepDescription": "games^mario",
  "ProtocolName": "func_task-mario_run-02",
  "PulseSequenceDetails": "%CustomerSeq%\\cmrr_mbep2d_bold",
  "ReceiveCoilActiveElements": "HC1-7;NC1,2",
  "ReceiveCoilName": "HeadNeck_64",
  "ReconMatrixPE": 104,
  "RepetitionTime": 1.49,
  "SAR": 0.0388093,
  "ScanOptions": "FS",
  "ScanningSequence": "EP",
  "SequenceName": "epfid2d1_104",
  "SequenceVariant": "SK\\SS",
  "SeriesDescription": "func_task-mario_run-02_SBRef",
  "SeriesNumber": 12,
  "ShimSetting": [
    624,
    -7254,
    -8837,
    594,
    -1,
    -225,
    -47,
    -24
  ],
  "SliceThickness": 2,
  "SliceTiming": [
    0,
    0.0975,
    0.195,
    0.2925,
    0.39,
    0.49,
    0.5875,
    0.685,
    0.7825,
    0.88,
    0.98,
    1.0775,
    1.175,
    1.2725,
    1.37,
    1.47,
    1.5675,
    1.665,
    1.7625,
    1.86,
    1.9575,
    2.0575,
    2.155,
    2.2525,
    2.35,
    2.4475,
    2.5475,
    2.645,
    2.7425,
    2.84,
    2.9375,
    3.0375,
    3.135,
    3.2325,
    3.33,
    3.4275,
    3.5275,
    3.625,
    3.7225,
    3.82,
    3.9175,
    4.0175,
    4.115,
    4.2125,
    4.31,
    4.4075,
    4.5075,
    4.605,
    4.7025,
    4.8,
    4.8975,
    4.9975,
    5.095,
    5.1925,
    5.29,
    5.3875,
    5.4875,
    5.585,
    5.6825,
    5.78
  ],
  "SoftwareVersions": "syngo MR E11",
  "SpacingBetweenSlices": 2,
  "StationName": "MRC35049",
  "TaskName": "mario",
  "TotalReadoutTime": 0.0576811,
  "TxRefAmp": 234.049,
  "WipMemBlock": "ff7466d3-94b8-45b4-a208-03ec23862d7e||Sequence: R016 ve11c/master r/e634e98; Dec 19 2017 11:00:25 by eja"
}