{
  "AcquisitionMatrixPE": 104,
  "AcquisitionNumber": 1,
  "AcquisitionTime": "15:23:7.140000",
  "BandwidthPerPixelPhaseEncode": 17.17,
  "BaseResolution": 104,
  "BodyPartExamined": "BRAIN",
  "CoilString": "HC1-7;NC1_2",
  "ConsistencyInfo": "N4_VE11C_LATEST_20160120",
  "ConversionSoftware": "dcm2niix",
  "ConversionSoftwareVersion": "v1.0.20190902",
  "DerivedVendorReportedEchoSpacing": 0.000560011,
  "DeviceSerialNumber": "167006",
  "DwellTime": 2.1e-06,
  "EchoTime": 0.037,
  "EchoTrainLength": 104,
  "EffectiveEchoSpacing": 0.000560011,
  "FlipAngle": 52,
  "HeudiconvVersion": "0.10.0",
  "ImageComments": "Single-band_reference",
  "ImageOrientationPatientDICOM": [
    0.998895,
    -0.041305,
    0.0224031,
    0.0464078,
    0.94197,
    -0.332473
  ],
  "ImageType": [
    "ORIGINAL",
    "PRIMARY",
    "M",
    "ND",
    "MOSAIC"
  ],
  "ImagingFrequency": 123.259,
  "InPlanePhaseEncodingDirectionDICOM": "COL",
  "InstitutionAddress": "Chemin_Queen-Mary_4565_Montreal_District_CA_H3W_1W5",
  "InstitutionName": "IUGM",
  "InstitutionalDepartmentName": "Department",
  "MRAcquisitionType": "2D",
  "MagneticFieldStrength": 3,
  "Manufacturer": "Siemens",
  "ManufacturersModelName": "Prisma_fit",
  "Modality": "MR",
  "PartialFourier": 1,
  "PatientPosition": "HFS",
  "PercentPhaseFOV": 100,
  "PhaseEncodingDirection": "j",
  "PhaseEncodingSteps": 104,
  "PhaseResolution": 1,
  "PixelBandwidth": 2290,
  "ProcedureStepDescription": "games_mario",
  "ProtocolName": "func_task-mario_run-01",
  "PulseSequenceDetails": "%CustomerSeq%_cmrr_mbep2d_bold",
  "ReceiveCoilActiveElements": "HC1-7;NC1,2",
  "ReceiveCoilName": "HeadNeck_64",
  "ReconMatrixPE": 104,
  "RepetitionTime": 1.49,
  "SAR": 0.034448,
  "ScanOptions": "FS",
  "ScanningSequence": "EP",
  "SequenceName": "epfid2d1_104",
  "SequenceVariant": "SK_SS",
  "SeriesDescription": "func_task-mario_run-01_SBRef",
  "SeriesNumber": 9,
  "ShimSetting": [
    627,
    -7261,
    -8807,
    676,
    24,
    -220,
    -56,
    -23
  ],
  "SliceThickness": 2,
  "SliceTiming": [
    0,
    0.0975,
    0.195,
    0.2925,
    0.3925,
    0.49,
    0.5875,
    0.685,
    0.7825,
    0.88,
    0.98,
    1.0775,
    1.175,
    1.2725,
    1.37,
    1.47,
    1.5675,
    1.665,
    1.7625,
    1.86,
    1.96,
    2.0575,
    2.155,
    2.2525,
    2.35,
    2.45,
    2.5475,
    2.645,
    2.7425,
    2.84,
    2.94,
    3.0375,
    3.135,
    3.2325,
    3.33,
    3.43,
    3.5275,
    3.625,
    3.7225,
    3.82,
    3.92,
    4.0175,
    4.115,
    4.2125,
    4.31,
    4.41,
    4.5075,
    4.605,
    4.7025,
    4.8,
    4.9,
    4.9975,
    5.095,
    5.1925,
    5.29,
    5.39,
    5.4875,
    5.585,
    5.6825,
    5.78
  ],
  "SoftwareVersions": "syngo_MR_E11",
  "SpacingBetweenSlices": 2,
  "StationName": "MRC35049",
  "TotalReadoutTime": 0.0576811,
  "TxRefAmp": 222.044,
  "WipMemBlock": "b0b5180d-0d98-4af4-a284-e1a2f97397ac||Sequence: R016 ve11c/master r/e634e98; Dec 19 2017 11:00:25 by eja"
}